GEM
  remote: http://rubygems.org/
  specs:
    bluecloth (2.0.11)
    gli (1.2.5)
    json (1.5.1)
    nokogiri (1.4.4)
    pdfkit (0.5.0)
    rack (1.2.1)
    showoff (0.3.4)
      bluecloth
      gli (>= 1.1.1)
      json
      nokogiri
      sinatra
    sinatra (1.1.3)
      rack (~> 1.1)
      tilt (>= 1.2.2, < 2.0)
    tilt (1.2.2)

PLATFORMS
  ruby

DEPENDENCIES
  bluecloth
  gli
  nokogiri
  pdfkit
  showoff
