GEM
  remote: https://rubygems.org/
  specs:
    addressable (2.8.1)
      public_suffix (>= 2.0.2, < 6.0)
    commonmarker (0.23.9)
    concurrent-ruby (1.2.0)
    daemons (1.4.1)
    em-websocket (0.3.8)
      addressable (>= 2.1.1)
      eventmachine (>= 0.12.9)
    eventmachine (1.2.7)
    fidget (0.0.6)
      ruby-dbus (< 0.15.0)
    gli (2.21.0)
    htmlentities (4.3.4)
    i18n (1.12.0)
      concurrent-ruby (~> 1.0)
    iso-639 (0.3.6)
    json (2.6.3)
    mustermann (2.0.2)
      ruby2_keywords (~> 0.0.1)
    nokogiri (1.15.2-x86_64-darwin)
      racc (~> 1.4)
    nokogiri (1.15.2-x86_64-linux)
      racc (~> 1.4)
    parslet (2.0.0)
    public_suffix (5.0.1)
    racc (1.6.2)
    rack (2.2.7)
    rack-contrib (2.3.0)
      rack (~> 2.0)
    rack-protection (2.2.4)
      rack
    redcarpet (3.6.0)
    rexml (3.2.5)
    ruby-dbus (0.14.1)
    ruby2_keywords (0.0.5)
    showoff (0.20.4)
      commonmarker (~> 0.21)
      fidget (~> 0.0)
      gli (~> 2.20)
      htmlentities (~> 4.3)
      i18n (~> 1.8)
      iso-639 (~> 0.3)
      json (~> 2.5)
      nokogiri (~> 1.11)
      parslet (~> 2.0)
      rack-contrib (~> 2.3)
      redcarpet (~> 3.5)
      sinatra (~> 2.1)
      sinatra-websocket (~> 0.3)
      tilt (~> 2.0)
    sinatra (2.2.4)
      mustermann (~> 2.0)
      rack (~> 2.2)
      rack-protection (= 2.2.4)
      tilt (~> 2.0)
    sinatra-websocket (0.3.1)
      em-websocket (~> 0.3.6)
      eventmachine
      thin (>= 1.3.1, < 2.0.0)
    thin (1.8.1)
      daemons (~> 1.0, >= 1.0.9)
      eventmachine (~> 1.0, >= 1.0.4)
      rack (>= 1, < 3)
    tilt (2.1.0)

PLATFORMS
  x86_64-darwin-22
  x86_64-linux
  x86_64-linux-musl

DEPENDENCIES
  nokogiri (>= 1.13.5)
  rack (>= 2.2.3)
  rexml
  showoff (>= 0.20.3)
  sinatra (>= 2.1.0)

RUBY VERSION
   ruby 3.1.1p18

BUNDLED WITH
   2.3.13
