GEM
  remote: https://rubygems.org/
  specs:
    addressable (2.7.0)
      public_suffix (>= 2.0.2, < 5.0)
    commonmarker (0.21.0)
      ruby-enum (~> 0.5)
    concurrent-ruby (1.1.8)
    daemons (1.3.1)
    em-websocket (0.3.8)
      addressable (>= 2.1.1)
      eventmachine (>= 0.12.9)
    eventmachine (1.2.7)
    fidget (0.0.6)
      ruby-dbus (< 0.15.0)
    gli (2.19.2)
    htmlentities (4.3.4)
    i18n (1.8.7)
      concurrent-ruby (~> 1.0)
    iso-639 (0.3.5)
    json (2.5.1)
    mini_portile2 (2.5.0)
    nio4r (2.5.4)
    nokogiri (1.11.1)
      mini_portile2 (~> 2.5.0)
      racc (~> 1.4)
    parslet (2.0.0)
    public_suffix (4.0.6)
    puma (5.1.1)
      nio4r (~> 2.0)
    racc (1.5.2)
    rack (1.6.13)
    rack-contrib (1.8.0)
      rack (~> 1.4)
    rack-protection (1.5.5)
      rack
    redcarpet (3.5.1)
    ruby-dbus (0.14.1)
    ruby-enum (0.8.0)
      i18n
    showoff (0.20.2)
      commonmarker
      fidget (>= 0.0.3)
      gli (>= 2.0)
      htmlentities
      i18n
      iso-639
      json
      nokogiri
      parslet
      rack-contrib
      redcarpet
      sinatra (~> 1.3)
      sinatra-websocket
      tilt (>= 2.0.3)
    sinatra (1.4.8)
      rack (~> 1.5)
      rack-protection (~> 1.4)
      tilt (>= 1.3, < 3)
    sinatra-websocket (0.3.1)
      em-websocket (~> 0.3.6)
      eventmachine
      thin (>= 1.3.1, < 2.0.0)
    thin (1.8.0)
      daemons (~> 1.0, >= 1.0.9)
      eventmachine (~> 1.0, >= 1.0.4)
      rack (>= 1, < 3)
    tilt (2.0.10)

PLATFORMS
  ruby

DEPENDENCIES
  nokogiri (>= 1.11.0)
  puma
  rack (>= 1.6.12)
  showoff (>= 0.20.2)

RUBY VERSION
   ruby 3.0.0p0

BUNDLED WITH
   2.2.6
