GEM
  remote: https://rubygems.org/
  specs:
    bluecloth (2.2.0)
    gli (2.19.1)
    json (2.3.0)
    mini_portile2 (2.4.0)
    mustermann (1.1.1)
      ruby2_keywords (~> 0.0.1)
    nio4r (2.5.2)
    nokogiri (1.10.9)
      mini_portile2 (~> 2.4.0)
    parslet (2.0.0)
    puma (4.3.5)
      nio4r (~> 2.0)
    rack (2.2.3)
    rack-protection (2.0.8.1)
      rack
    ruby2_keywords (0.0.2)
    showoff (0.7.0)
      bluecloth
      gli (>= 1.3.2)
      json
      nokogiri
      parslet
      sinatra
    sinatra (2.0.8.1)
      mustermann (~> 1.0)
      rack (~> 2.0)
      rack-protection (= 2.0.8.1)
      tilt (~> 2.0)
    tilt (2.0.10)

PLATFORMS
  ruby

DEPENDENCIES
  nokogiri
  puma
  rack (>= 1.6.12)
  showoff

RUBY VERSION
   ruby 2.7.1p83

BUNDLED WITH
   2.1.4
