GEM
  remote: https://rubygems.org/
  specs:
    addressable (2.8.0)
      public_suffix (>= 2.0.2, < 5.0)
    commonmarker (0.21.2)
      ruby-enum (~> 0.5)
    concurrent-ruby (1.1.8)
    daemons (1.3.1)
    em-websocket (0.3.8)
      addressable (>= 2.1.1)
      eventmachine (>= 0.12.9)
    eventmachine (1.2.7)
    fidget (0.0.6)
      ruby-dbus (< 0.15.0)
    gli (2.20.0)
    htmlentities (4.3.4)
    i18n (1.8.10)
      concurrent-ruby (~> 1.0)
    iso-639 (0.3.5)
    json (2.5.1)
    mustermann (1.1.1)
      ruby2_keywords (~> 0.0.1)
    nokogiri (1.11.7-x86_64-darwin)
      racc (~> 1.4)
    nokogiri (1.11.7-x86_64-linux)
      racc (~> 1.4)
    parslet (2.0.0)
    public_suffix (4.0.6)
    racc (1.5.2)
    rack (2.2.3)
    rack-contrib (2.3.0)
      rack (~> 2.0)
    rack-protection (2.1.0)
      rack
    redcarpet (3.5.1)
    rexml (3.2.5)
    ruby-dbus (0.14.1)
    ruby-enum (0.9.0)
      i18n
    ruby2_keywords (0.0.4)
    showoff (0.20.3)
      commonmarker (~> 0.21)
      fidget (~> 0.0)
      gli (~> 2.20)
      htmlentities (~> 4.3)
      i18n (~> 1.8)
      iso-639 (~> 0.3)
      json (~> 2.5)
      nokogiri (~> 1.11)
      parslet (~> 2.0)
      rack-contrib (~> 2.3)
      redcarpet (~> 3.5)
      sinatra (~> 2.1)
      sinatra-websocket (~> 0.3)
      tilt (~> 2.0)
    sinatra (2.1.0)
      mustermann (~> 1.0)
      rack (~> 2.2)
      rack-protection (= 2.1.0)
      tilt (~> 2.0)
    sinatra-websocket (0.3.1)
      em-websocket (~> 0.3.6)
      eventmachine
      thin (>= 1.3.1, < 2.0.0)
    thin (1.8.0)
      daemons (~> 1.0, >= 1.0.9)
      eventmachine (~> 1.0, >= 1.0.4)
      rack (>= 1, < 3)
    tilt (2.0.10)

PLATFORMS
  x86_64-darwin-20
  x86_64-linux

DEPENDENCIES
  nokogiri (>= 1.11.4)
  rack (>= 1.5)
  rexml
  showoff (>= 0.20.3)
  sinatra (>= 1.4.8)

RUBY VERSION
   ruby 3.0.0p0

BUNDLED WITH
   2.2.3
